GEM
  remote: https://rubygems.org/
  specs:
    midilib (2.0.5)
    minitest (5.14.4)

PLATFORMS
  x86_64-linux

DEPENDENCIES
  midilib (~> 2.0)
  minitest (~> 5.14)

BUNDLED WITH
   2.2.7
